GEM
  remote: https://rubygems.org/
  specs:
    numo-narray (0.9.2.1)

PLATFORMS
  ruby
  x86_64-linux

DEPENDENCIES
  numo-narray

BUNDLED WITH
   2.5.16
